PATH
  remote: .
  specs:
    magic_help (0.20120416)

GEM
  remote: https://rubygems.org/
  specs:
    minitest (5.9.0)
    rake (11.2.2)

PLATFORMS
  ruby

DEPENDENCIES
  magic_help!
  minitest
  rake

BUNDLED WITH
   1.12.5
